GEM
  remote: https://rubygems.org/
  specs:
    ast (2.3.0)
    builder (3.2.3)
    cucumber (2.4.0)
      builder (>= 2.1.2)
      cucumber-core (~> 1.5.0)
      cucumber-wire (~> 0.0.1)
      diff-lcs (>= 1.1.3)
      gherkin (~> 4.0)
      multi_json (>= 1.7.5, < 2.0)
      multi_test (>= 0.1.2)
    cucumber-core (1.5.0)
      gherkin (~> 4.0)
    cucumber-wire (0.0.1)
    diff-lcs (1.3)
    faraday (0.13.1)
      multipart-post (>= 1.2, < 3)
    gherkin (4.1.3)
    json (2.0.2)
    json_spec (1.1.5)
      multi_json (~> 1.0)
      rspec (>= 2.0, < 4.0)
    multi_json (1.12.2)
    multi_test (0.1.2)
    multipart-post (2.0.0)
    parallel (1.12.0)
    parser (2.4.0.0)
      ast (~> 2.2)
    pg (0.21.0-x64-mingw32)
    powerpack (0.1.1)
    rainbow (2.2.2)
      rake
    rake (12.1.0)
    report_builder (0.1.6)
      builder (~> 3.2, >= 3.2.2)
      json (>= 1.8.1)
    rspec (3.6.0)
      rspec-core (~> 3.6.0)
      rspec-expectations (~> 3.6.0)
      rspec-mocks (~> 3.6.0)
    rspec-core (3.6.0)
      rspec-support (~> 3.6.0)
    rspec-expectations (3.6.0)
      diff-lcs (>= 1.2.0, < 2.0)
      rspec-support (~> 3.6.0)
    rspec-mocks (3.6.0)
      diff-lcs (>= 1.2.0, < 2.0)
      rspec-support (~> 3.6.0)
    rspec-support (3.6.0)
    rubocop (0.50.0)
      parallel (~> 1.10)
      parser (>= 2.3.3.1, < 3.0)
      powerpack (~> 0.1)
      rainbow (>= 2.2.2, < 3.0)
      ruby-progressbar (~> 1.7)
      unicode-display_width (~> 1.0, >= 1.0.1)
    ruby-progressbar (1.9.0)
    unicode-display_width (1.3.0)

PLATFORMS
  x64-mingw32

DEPENDENCIES
  cucumber
  faraday
  json
  json_spec
  pg
  report_builder
  rspec
  rubocop (~> 0.50.0)

BUNDLED WITH
   1.15.4
